GIT
  remote: https://github.com/aetaric/cinch
  revision: 6282af55dee2913f06c0b0b1e2cd7d3847767a5f
  specs:
    cinch (2.3.1)

GIT
  remote: https://github.com/aetaric/cinch-cooldown
  revision: b28df6e10173360138bb993074f2fa78f645394a
  specs:
    cinch-cooldown (1.2.0)
      cinch (~> 2)
      time-lord (~> 1.0, >= 1.0.1)

GEM
  remote: https://rubygems.org/
  specs:
    activesupport (5.2.2)
      concurrent-ruby (~> 1.0, >= 1.0.2)
      i18n (>= 0.7, < 2)
      minitest (~> 5.1)
      tzinfo (~> 1.1)
    bson (4.4.2)
    concurrent-ruby (1.1.4)
    eventmachine (1.2.7)
    httparty (0.16.4)
      mime-types (~> 3.0)
      multi_xml (>= 0.5.2)
    i18n (1.5.1)
      concurrent-ruby (~> 1.0)
    json (2.2.0)
    mime-types (3.2.2)
      mime-types-data (~> 3.2015)
    mime-types-data (3.2018.0812)
    mini_portile2 (2.4.0)
    minitest (5.11.3)
    mongo (2.7.1)
      bson (>= 4.4.2, < 5.0.0)
    multi_xml (0.6.0)
    nokogiri (1.9.1)
      mini_portile2 (~> 2.4.0)
    redis (4.1.0)
    thread_safe (0.3.6)
    time-lord (1.0.1)
    twitch (0.1.3)
      httparty
      json
    tzinfo (1.2.5)
      thread_safe (~> 0.1)

PLATFORMS
  ruby

DEPENDENCIES
  activesupport
  cinch!
  cinch-cooldown!
  eventmachine
  mongo
  nokogiri
  redis
  twitch (~> 0.1.0)

BUNDLED WITH
   1.14.6
