GIT
  remote: https://github.com/aetaric/cinch
  revision: 6282af55dee2913f06c0b0b1e2cd7d3847767a5f
  specs:
    cinch (2.3.1)

GIT
  remote: https://github.com/aetaric/cinch-cooldown
  revision: f9d3a0ba4384a4d3403f1064add257c76f0ab88f
  specs:
    cinch-cooldown (1.2.0)
      cinch (~> 2)
      time-lord (~> 1.0, >= 1.0.1)

GEM
  remote: https://rubygems.org/
  specs:
    activesupport (5.0.2)
      concurrent-ruby (~> 1.0, >= 1.0.2)
      i18n (~> 0.7)
      minitest (~> 5.1)
      tzinfo (~> 1.1)
    bson (4.2.1)
    cinch-cooldown (1.1.7)
      cinch (~> 2)
      time-lord (~> 1.0, >= 1.0.1)
    concurrent-ruby (1.0.5)
    eventmachine (1.2.3)
    httparty (0.14.0)
      multi_xml (>= 0.5.2)
    i18n (0.8.1)
    json (2.0.3)
    mini_portile2 (2.1.0)
    minitest (5.10.1)
    mongo (2.4.1)
      bson (>= 4.2.1, < 5.0.0)
    multi_xml (0.6.0)
    nokogiri (1.7.1)
      mini_portile2 (~> 2.1.0)
    redis (3.3.3)
    thread_safe (0.3.6)
    time-lord (1.0.1)
    twitch (0.1.3)
      httparty
      json
    tzinfo (1.2.3)
      thread_safe (~> 0.1)

PLATFORMS
  ruby

DEPENDENCIES
  activesupport
  cinch!
<<<<<<< HEAD
  cinch-cooldown!
=======
  cinch-cooldown
>>>>>>> 9f0bae82460281362cc4c399d7eb70c923e55bd3
  eventmachine
  mongo
  nokogiri
  redis
  twitch (~> 0.1.0)

BUNDLED WITH
   1.14.6
